PATH
  remote: .
  specs:
    omnicontacts (0.3.11)
      json
      rack

GEM
  remote: http://rubygems.org/
  specs:
    diff-lcs (1.3)
    docile (1.1.5)
    json (2.1.0)
    rack (2.0.4)
    rack-test (0.8.3)
      rack (>= 1.0, < 3)
    rake (12.3.0)
    rspec (3.7.0)
      rspec-core (~> 3.7.0)
      rspec-expectations (~> 3.7.0)
      rspec-mocks (~> 3.7.0)
    rspec-core (3.7.1)
      rspec-support (~> 3.7.0)
    rspec-expectations (3.7.0)
      diff-lcs (>= 1.2.0, < 2.0)
      rspec-support (~> 3.7.0)
    rspec-mocks (3.7.0)
      diff-lcs (>= 1.2.0, < 2.0)
      rspec-support (~> 3.7.0)
    rspec-support (3.7.1)
    simplecov (0.15.1)
      docile (~> 1.1.0)
      json (>= 1.8, < 3)
      simplecov-html (~> 0.10.0)
    simplecov-html (0.10.2)

PLATFORMS
  ruby

DEPENDENCIES
  omnicontacts!
  rack-test
  rake
  rspec
  simplecov

BUNDLED WITH
   1.15.2
